NUGET
  remote: https://nuget.org/api/v2
  specs:
    FAKE (4.7.2)
    FSharp.Core (4.0.0.1)
    Newtonsoft.Json (7.0.1)
